PATH
  remote: .
  specs:
    logstash-input-csvfile (0.0.7)
      logstash-codec-plain
      logstash-core (>= 1.5.0, < 3.0.0)
      logstash-input-file (>= 1.0.1)
      stud

GEM
  remote: https://rubygems.org/
  specs:
    addressable (2.5.2)
      public_suffix (>= 2.0.2, < 4.0)
    cabin (0.8.1)
    clamp (0.6.5)
    coderay (1.1.2)
    concurrent-ruby (0.9.2-java)
    diff-lcs (1.2.5)
    ffi (1.9.18-java)
    filesize (0.0.4)
    filewatch (0.9.0)
    gem_publisher (1.5.0)
    gems (0.8.3)
    i18n (0.6.9)
    insist (1.0.0)
    jls-grok (0.11.4)
      cabin (>= 0.6.0)
    jrjackson (0.3.9-java)
    jruby-openssl (0.9.16-java)
    kramdown (1.8.0)
    logstash-codec-multiline (3.0.7)
      jls-grok (~> 0.11.1)
      logstash-core-plugin-api (>= 1.60, <= 2.99)
      logstash-patterns-core
    logstash-codec-plain (3.0.4)
      logstash-core-plugin-api (>= 1.60, <= 2.99)
    logstash-core (2.4.1-java)
      cabin (~> 0.8.0)
      clamp (~> 0.6.5)
      concurrent-ruby (= 0.9.2)
      filesize (= 0.0.4)
      gems (~> 0.8.3)
      i18n (= 0.6.9)
      jrjackson (~> 0.3.7)
      jruby-openssl (= 0.9.16)
      logstash-core-event (= 2.4.1)
      minitar (~> 0.5.4)
      pry (~> 0.10.1)
      rubyzip (~> 1.1.7)
      stud (~> 0.0.19)
      thread_safe (~> 0.3.5)
      treetop (< 1.5.0)
    logstash-core-event (2.4.1-java)
    logstash-core-plugin-api (1.60.5-java)
      logstash-core (>= 2.4.1, <= 2.4.99)
    logstash-devutils (0.0.15-java)
      gem_publisher
      insist (= 1.0.0)
      kramdown
      minitar
      rake
      rspec (~> 3.1.0)
      stud (>= 0.0.20)
    logstash-input-file (4.0.3)
      addressable
      filewatch (~> 0.8, >= 0.8.1)
      logstash-codec-multiline (~> 3.0)
      logstash-codec-plain
      logstash-core-plugin-api (>= 1.60, <= 2.99)
    logstash-patterns-core (4.1.2)
      logstash-core-plugin-api (>= 1.60, <= 2.99)
    method_source (0.8.2)
    minitar (0.5.4)
    polyglot (0.3.5)
    pry (0.10.4-java)
      coderay (~> 1.1.0)
      method_source (~> 0.8.1)
      slop (~> 3.4)
      spoon (~> 0.0)
    public_suffix (3.0.0)
    rake (10.4.2)
    rspec (3.1.0)
      rspec-core (~> 3.1.0)
      rspec-expectations (~> 3.1.0)
      rspec-mocks (~> 3.1.0)
    rspec-core (3.1.7)
      rspec-support (~> 3.1.0)
    rspec-expectations (3.1.2)
      diff-lcs (>= 1.2.0, < 2.0)
      rspec-support (~> 3.1.0)
    rspec-mocks (3.1.3)
      rspec-support (~> 3.1.0)
    rspec-support (3.1.2)
    rubyzip (1.1.7)
    slop (3.6.0)
    spoon (0.0.6)
      ffi
    stud (0.0.21)
    thread_safe (0.3.6-java)
    treetop (1.4.15)
      polyglot
      polyglot (>= 0.3.1)

PLATFORMS
  java

DEPENDENCIES
  logstash-devutils
  logstash-input-csvfile!

BUNDLED WITH
   1.15.4
