PATH
  remote: .
  specs:
    logstash-input-csvfile (0.0.2)
      logstash-codec-plain
      logstash-core (>= 1.4.0, < 2.0.0)
      logstash-input-file (>= 1.0.1)
      stud

GEM
  remote: https://rubygems.org/
  specs:
    addressable (2.3.8)
    cabin (0.7.1)
    clamp (0.6.5)
    coderay (1.1.0)
    diff-lcs (1.2.5)
    ffi (1.9.10-java)
    filesize (0.0.4)
    filewatch (0.6.5)
    gem_publisher (1.5.0)
    gems (0.8.3)
    i18n (0.6.9)
    insist (1.0.0)
    jrjackson (0.2.9)
    kramdown (1.8.0)
    logstash-codec-plain (1.0.0)
      logstash-core (>= 1.4.0, < 2.0.0)
    logstash-core (1.5.3-java)
      cabin (~> 0.7.0)
      clamp (~> 0.6.5)
      filesize (= 0.0.4)
      gems (~> 0.8.3)
      i18n (= 0.6.9)
      jrjackson (~> 0.2.9)
      minitar (~> 0.5.4)
      pry (~> 0.10.1)
      stud (~> 0.0.19)
      thread_safe (~> 0.3.5)
      treetop (< 1.5.0)
    logstash-devutils (0.0.15-java)
      gem_publisher
      insist (= 1.0.0)
      kramdown
      minitar
      rake
      rspec (~> 3.1.0)
      stud (>= 0.0.20)
    logstash-input-file (1.0.1)
      addressable
      filewatch (~> 0.6, >= 0.6.5)
      logstash-codec-plain
      logstash-core (>= 1.4.0, < 2.0.0)
    method_source (0.8.2)
    minitar (0.5.4)
    polyglot (0.3.5)
    pry (0.10.1-java)
      coderay (~> 1.1.0)
      method_source (~> 0.8.1)
      slop (~> 3.4)
      spoon (~> 0.0)
    rake (10.4.2)
    rspec (3.1.0)
      rspec-core (~> 3.1.0)
      rspec-expectations (~> 3.1.0)
      rspec-mocks (~> 3.1.0)
    rspec-core (3.1.7)
      rspec-support (~> 3.1.0)
    rspec-expectations (3.1.2)
      diff-lcs (>= 1.2.0, < 2.0)
      rspec-support (~> 3.1.0)
    rspec-mocks (3.1.3)
      rspec-support (~> 3.1.0)
    rspec-support (3.1.2)
    slop (3.6.0)
    spoon (0.0.4)
      ffi
    stud (0.0.21)
    thread_safe (0.3.5-java)
    treetop (1.4.15)
      polyglot
      polyglot (>= 0.3.1)

PLATFORMS
  java

DEPENDENCIES
  logstash-devutils
  logstash-input-csvfile!
